GIT
  remote: https://github.com/magento-devdocs/devdocs-theme.git
  revision: 42b6ebb8748ae5a3dc836d6891063dbebf31cbfe
  specs:
    devdocs (7)
      jekyll (>= 4.0)

GEM
  remote: https://rubygems.org/
  specs:
    addressable (2.7.0)
      public_suffix (>= 2.0.2, < 5.0)
    algolia_html_extractor (2.6.2)
      json (~> 2.0)
      nokogiri (~> 1.10.4)
    algoliasearch (1.27.1)
      httpclient (~> 2.8, >= 2.8.3)
      json (>= 1.5.1)
    colorator (1.1.0)
    concurrent-ruby (1.1.5)
    em-websocket (0.5.1)
      eventmachine (>= 0.12.9)
      http_parser.rb (~> 0.6.0)
    ethon (0.12.0)
      ffi (>= 1.3.0)
    eventmachine (1.2.7)
    exifr (1.3.6)
    faraday (0.17.0)
      multipart-post (>= 1.2, < 3)
    ffi (1.11.1)
    filesize (0.2.0)
    forwardable-extended (2.6.0)
    fspath (3.1.2)
    html-proofer (3.13.0)
      addressable (~> 2.3)
      mercenary (~> 0.3)
      nokogiri (~> 1.10)
      parallel (~> 1.3)
      rainbow (~> 3.0)
      typhoeus (~> 1.3)
      yell (~> 2.0)
    http_parser.rb (0.6.0)
    httpclient (2.8.3)
    i18n (1.7.0)
      concurrent-ruby (~> 1.0)
    image_optim (0.26.5)
      exifr (~> 1.2, >= 1.2.2)
      fspath (~> 3.0)
      image_size (>= 1.5, < 3)
      in_threads (~> 1.3)
      progress (~> 3.0, >= 3.0.1)
    image_optim_pack (0.6.0)
      fspath (>= 2.1, < 4)
      image_optim (~> 0.19)
    image_size (2.0.2)
    in_threads (1.5.3)
    jekyll (4.0.0)
      addressable (~> 2.4)
      colorator (~> 1.0)
      em-websocket (~> 0.5)
      i18n (>= 0.9.5, < 2)
      jekyll-sass-converter (~> 2.0)
      jekyll-watch (~> 2.0)
      kramdown (~> 2.1)
      kramdown-parser-gfm (~> 1.0)
      liquid (~> 4.0)
      mercenary (~> 0.3.3)
      pathutil (~> 0.9)
      rouge (~> 3.0)
      safe_yaml (~> 1.0)
      terminal-table (~> 1.8)
    jekyll-algolia (1.6.0)
      algolia_html_extractor (~> 2.6)
      algoliasearch (~> 1.26)
      filesize (~> 0.1)
      jekyll (>= 3.6, < 5.0)
      json (~> 2.0)
      nokogiri (~> 1.6)
      progressbar (~> 1.9)
      verbal_expressions (~> 0.1.5)
    jekyll-optional-front-matter (0.3.2)
      jekyll (>= 3.0, < 5.0)
    jekyll-redirect-from (0.15.0)
      jekyll (>= 3.3, < 5.0)
    jekyll-relative-links (0.6.1)
      jekyll (>= 3.3, < 5.0)
    jekyll-sass-converter (2.0.1)
      sassc (> 2.0.1, < 3.0)
    jekyll-sitemap (1.3.1)
      jekyll (>= 3.7, < 5.0)
    jekyll-titles-from-headings (0.5.3)
      jekyll (>= 3.3, < 5.0)
    jekyll-watch (2.2.1)
      listen (~> 3.0)
    json (2.2.0)
    kramdown (2.1.0)
    kramdown-parser-gfm (1.1.0)
      kramdown (~> 2.0)
    launchy (2.4.3)
      addressable (~> 2.3)
    liquid (4.0.3)
    listen (3.2.0)
      rb-fsevent (~> 0.10, >= 0.10.3)
      rb-inotify (~> 0.9, >= 0.9.10)
    mdl (0.7.0)
      kramdown (~> 2.0)
      kramdown-parser-gfm (~> 1.0)
      mixlib-cli (~> 2.1, >= 2.1.1)
      mixlib-config (>= 2.2.1, < 4)
    mercenary (0.3.6)
    mini_portile2 (2.4.0)
    mixlib-cli (2.1.1)
    mixlib-config (3.0.1)
      tomlrb
    multipart-post (2.1.1)
    netrc (0.11.0)
    nokogiri (1.10.4)
      mini_portile2 (~> 2.4.0)
    octokit (4.14.0)
      sawyer (~> 0.8.0, >= 0.5.3)
    parallel (1.18.0)
    pathutil (0.16.2)
      forwardable-extended (~> 2.6)
    progress (3.5.2)
    progressbar (1.10.1)
    public_suffix (4.0.1)
    rainbow (3.0.0)
    rb-fsevent (0.10.3)
    rb-inotify (0.10.0)
      ffi (~> 1.0)
    rouge (3.12.0)
    safe_yaml (1.0.5)
    sassc (2.2.1)
      ffi (~> 1.9)
    sawyer (0.8.2)
      addressable (>= 2.3.5)
      faraday (> 0.8, < 2.0)
    terminal-table (1.8.0)
      unicode-display_width (~> 1.1, >= 1.1.1)
    thor (0.20.3)
    tomlrb (1.2.8)
    typhoeus (1.3.1)
      ethon (>= 0.9.0)
    unicode-display_width (1.6.0)
    verbal_expressions (0.1.5)
    wdm (0.1.1)
    whatsup_github (0.0.1)
      netrc (~> 0.10)
      octokit (~> 4.14)
      thor (~> 0.20)
    yell (2.2.0)

PLATFORMS
  ruby
  x86-mswin32

DEPENDENCIES
  devdocs!
  html-proofer
  image_optim
  image_optim_pack
  jekyll
  jekyll-algolia (~> 1.0)
  jekyll-optional-front-matter
  jekyll-redirect-from
  jekyll-relative-links
  jekyll-sitemap
  jekyll-titles-from-headings
  launchy
  mdl (= 0.7.0)
  wdm
  whatsup_github

BUNDLED WITH
   1.17.3
